PATH
  remote: .
  specs:
    ruby-lsp (0.1.0)
      language_server-protocol
      syntax_tree

GEM
  remote: https://rubygems.org/
  specs:
    ansi (1.5.0)
    ast (2.4.2)
    builder (3.2.4)
    language_server-protocol (3.16.0.3)
    minitest (5.15.0)
    minitest-reporters (1.5.0)
      ansi
      builder
      minitest (>= 5.0)
      ruby-progressbar
    parallel (1.21.0)
    parser (3.1.1.0)
      ast (~> 2.4.1)
    rainbow (3.1.1)
    rake (13.0.6)
    regexp_parser (2.2.1)
    rexml (3.2.5)
    rubocop (1.25.1)
      parallel (~> 1.10)
      parser (>= 3.1.0.0)
      rainbow (>= 2.2.2, < 4.0)
      regexp_parser (>= 1.8, < 3.0)
      rexml
      rubocop-ast (>= 1.15.1, < 2.0)
      ruby-progressbar (~> 1.7)
      unicode-display_width (>= 1.4.0, < 3.0)
    rubocop-ast (1.16.0)
      parser (>= 3.1.1.0)
    rubocop-minitest (0.17.2)
      rubocop (>= 0.90, < 2.0)
    rubocop-rake (0.6.0)
      rubocop (~> 1.0)
    rubocop-shopify (2.5.0)
      rubocop (~> 1.25)
    ruby-progressbar (1.11.0)
    syntax_tree (1.2.0)
    unicode-display_width (2.1.0)

PLATFORMS
  arm64-darwin-21
  x86_64-linux

DEPENDENCIES
  minitest (~> 5.15)
  minitest-reporters (~> 1.5)
  rake (~> 13.0)
  rubocop (~> 1.25)
  rubocop-minitest (~> 0.17.2)
  rubocop-rake (~> 0.6.0)
  rubocop-shopify (~> 2.5)
  ruby-lsp!

BUNDLED WITH
   2.3.7
