GIT
  remote: https://github.com/Shopify/rdoc.git
  revision: 92a6b4fcf8b72dd6776c9aa6714abe6f90d4a99e
  branch: create_snapper_generator
  specs:
    rdoc (6.6.3.1)
      psych (>= 4.0.0)

PATH
  remote: .
  specs:
    ruby-lsp (0.17.12)
      language_server-protocol (~> 3.17.0)
      prism (>= 0.29.0, < 0.31)
      rbs (>= 3, < 4)
      sorbet-runtime (>= 0.5.10782)

GEM
  remote: https://rubygems.org/
  specs:
    ansi (1.5.0)
    ast (2.4.2)
    builder (3.2.4)
    debug (1.9.2)
      irb (~> 1.10)
      reline (>= 0.3.8)
    docile (1.4.0)
    erubi (1.12.0)
    io-console (0.7.2)
    irb (1.12.0)
      rdoc
      reline (>= 0.4.2)
    json (2.7.2)
    language_server-protocol (3.17.0.3)
    logger (1.6.0)
    minitest (5.23.1)
    minitest-reporters (1.6.1)
      ansi
      builder
      minitest (>= 5.0)
      ruby-progressbar
    mocha (2.3.0)
      ruby2_keywords (>= 0.0.5)
    netrc (0.11.0)
    parallel (1.24.0)
    parser (3.3.2.0)
      ast (~> 2.4.1)
      racc
    prettier_print (1.2.1)
    prism (0.30.0)
    psych (5.1.2)
      stringio
    racc (1.8.0)
    rainbow (3.1.1)
    rake (13.2.1)
    rbi (0.1.13)
      prism (>= 0.18.0, < 1.0.0)
      sorbet-runtime (>= 0.5.9204)
    rbs (3.5.1)
      logger
    regexp_parser (2.9.2)
    reline (0.5.0)
      io-console (~> 0.5)
    rexml (3.3.4)
      strscan
    rubocop (1.64.1)
      json (~> 2.3)
      language_server-protocol (>= 3.17.0)
      parallel (~> 1.10)
      parser (>= 3.3.0.2)
      rainbow (>= 2.2.2, < 4.0)
      regexp_parser (>= 1.8, < 3.0)
      rexml (>= 3.2.5, < 4.0)
      rubocop-ast (>= 1.31.1, < 2.0)
      ruby-progressbar (~> 1.7)
      unicode-display_width (>= 2.4.0, < 3.0)
    rubocop-ast (1.31.3)
      parser (>= 3.3.1.0)
    rubocop-md (1.2.2)
      rubocop (>= 1.0)
    rubocop-minitest (0.35.0)
      rubocop (>= 1.61, < 2.0)
      rubocop-ast (>= 1.31.1, < 2.0)
    rubocop-rake (0.6.0)
      rubocop (~> 1.0)
    rubocop-shopify (2.15.1)
      rubocop (~> 1.51)
    rubocop-sorbet (0.8.3)
      rubocop (>= 0.90.0)
    ruby-progressbar (1.13.0)
    ruby2_keywords (0.0.5)
    simplecov (0.22.0)
      docile (~> 1.1)
      simplecov-html (~> 0.11)
      simplecov_json_formatter (~> 0.1)
    simplecov-html (0.12.3)
    simplecov_json_formatter (0.1.4)
    sorbet (0.5.11481)
      sorbet-static (= 0.5.11481)
    sorbet-runtime (0.5.11481)
    sorbet-static (0.5.11481-universal-darwin)
    sorbet-static (0.5.11481-x86_64-linux)
    sorbet-static-and-runtime (0.5.11481)
      sorbet (= 0.5.11481)
      sorbet-runtime (= 0.5.11481)
    spoom (1.3.0)
      erubi (>= 1.10.0)
      prism (>= 0.19.0)
      sorbet-static-and-runtime (>= 0.5.10187)
      thor (>= 0.19.2)
    stringio (3.1.0)
    strscan (3.1.0)
    syntax_tree (6.2.0)
      prettier_print (>= 1.2.0)
    tapioca (0.13.3)
      bundler (>= 2.2.25)
      netrc (>= 0.11.0)
      parallel (>= 1.21.0)
      rbi (>= 0.1.4, < 0.2)
      sorbet-static-and-runtime (>= 0.5.11087)
      spoom (>= 1.2.0)
      thor (>= 1.2.0)
      yard-sorbet
    thor (1.3.1)
    unicode-display_width (2.5.0)
    yard (0.9.36)
    yard-sorbet (0.8.1)
      sorbet-runtime (>= 0.5)
      yard (>= 0.9)

PLATFORMS
  arm64-darwin
  x64-mingw-ucrt
  x64-mingw32
  x86_64-darwin
  x86_64-linux

DEPENDENCIES
  bundler (~> 2.5)
  debug (~> 1.9)
  minitest (~> 5.23)
  minitest-reporters (~> 1.6)
  mocha (~> 2.3)
  psych (~> 5.1)
  rake (~> 13.2)
  rdoc!
  rubocop (~> 1.64)
  rubocop-md (~> 1.2.0)
  rubocop-minitest (~> 0.35.0)
  rubocop-rake (~> 0.6.0)
  rubocop-shopify (~> 2.15)
  rubocop-sorbet (~> 0.8)
  ruby-lsp!
  simplecov
  sorbet-static-and-runtime
  syntax_tree (>= 6.1.1, < 7)
  tapioca (~> 0.13)

BUNDLED WITH
   2.5.10
