PATH
  remote: .
  specs:
    ruby-lsp (0.23.9)
      language_server-protocol (~> 3.17.0)
      prism (>= 1.2, < 2.0)
      rbs (>= 3, < 4)
      sorbet-runtime (>= 0.5.10782)

GEM
  remote: https://rubygems.org/
  specs:
    ansi (1.5.0)
    ast (2.4.2)
    benchmark (0.4.0)
    builder (3.3.0)
    debug (1.9.2)
      irb (~> 1.10)
      reline (>= 0.3.8)
    docile (1.4.1)
    erubi (1.13.1)
    io-console (0.7.2)
    irb (1.14.1)
      rdoc (>= 4.0.0)
      reline (>= 0.4.2)
    json (2.9.1)
    language_server-protocol (3.17.0.3)
    logger (1.6.1)
    minitest (5.25.1)
    minitest-reporters (1.7.1)
      ansi
      builder
      minitest (>= 5.0)
      ruby-progressbar
    mocha (2.4.5)
      ruby2_keywords (>= 0.0.5)
    netrc (0.11.0)
    parallel (1.26.3)
    parser (3.3.6.0)
      ast (~> 2.4.1)
      racc
    prettier_print (1.2.1)
    prism (1.3.0)
    psych (5.1.2)
      stringio
    racc (1.8.1)
    rainbow (3.1.1)
    rake (13.2.1)
    rbi (0.2.3)
      prism (~> 1.0)
      sorbet-runtime (>= 0.5.9204)
    rbs (3.6.1)
      logger
    rdoc (6.7.0)
      psych (>= 4.0.0)
    regexp_parser (2.10.0)
    reline (0.5.10)
      io-console (~> 0.5)
    rubocop (1.70.0)
      json (~> 2.3)
      language_server-protocol (>= 3.17.0)
      parallel (~> 1.10)
      parser (>= 3.3.0.2)
      rainbow (>= 2.2.2, < 4.0)
      regexp_parser (>= 2.9.3, < 3.0)
      rubocop-ast (>= 1.36.2, < 2.0)
      ruby-progressbar (~> 1.7)
      unicode-display_width (>= 2.4.0, < 4.0)
    rubocop-ast (1.37.0)
      parser (>= 3.3.1.0)
    rubocop-md (1.2.4)
      rubocop (>= 1.45)
    rubocop-minitest (0.36.0)
      rubocop (>= 1.61, < 2.0)
      rubocop-ast (>= 1.31.1, < 2.0)
    rubocop-rake (0.6.0)
      rubocop (~> 1.0)
    rubocop-shopify (2.15.1)
      rubocop (~> 1.51)
    rubocop-sorbet (0.8.7)
      rubocop (>= 1)
    ruby-progressbar (1.13.0)
    ruby2_keywords (0.0.5)
    simplecov (0.22.0)
      docile (~> 1.1)
      simplecov-html (~> 0.11)
      simplecov_json_formatter (~> 0.1)
    simplecov-html (0.13.1)
    simplecov_json_formatter (0.1.4)
    sorbet (0.5.11758)
      sorbet-static (= 0.5.11758)
    sorbet-runtime (0.5.11758)
    sorbet-static (0.5.11758-universal-darwin)
    sorbet-static (0.5.11758-x86_64-linux)
    sorbet-static-and-runtime (0.5.11758)
      sorbet (= 0.5.11758)
      sorbet-runtime (= 0.5.11758)
    spoom (1.5.1)
      erubi (>= 1.10.0)
      prism (>= 0.28.0)
      sorbet-static-and-runtime (>= 0.5.10187)
      thor (>= 0.19.2)
    stringio (3.1.1)
    syntax_tree (6.2.0)
      prettier_print (>= 1.2.0)
    tapioca (0.16.7)
      benchmark
      bundler (>= 2.2.25)
      netrc (>= 0.11.0)
      parallel (>= 1.21.0)
      rbi (~> 0.2)
      sorbet-static-and-runtime (>= 0.5.11087)
      spoom (>= 1.2.0)
      thor (>= 1.2.0)
      yard-sorbet
    thor (1.3.2)
    unicode-display_width (3.1.4)
      unicode-emoji (~> 4.0, >= 4.0.4)
    unicode-emoji (4.0.4)
    yard (0.9.37)
    yard-sorbet (0.9.0)
      sorbet-runtime
      yard

PLATFORMS
  arm64-darwin
  x64-mingw-ucrt
  x64-mingw32
  x86_64-darwin
  x86_64-linux

DEPENDENCIES
  bundler (~> 2.5)
  debug (~> 1.9)
  minitest (~> 5.25)
  minitest-reporters (~> 1.7)
  mocha (~> 2.3)
  psych (~> 5.1)
  rake (~> 13.2)
  rubocop (~> 1.70)
  rubocop-md (~> 1.2.0)
  rubocop-minitest (~> 0.36.0)
  rubocop-rake (~> 0.6.0)
  rubocop-shopify (~> 2.15)
  rubocop-sorbet (~> 0.8)
  ruby-lsp!
  simplecov
  sorbet-static-and-runtime
  syntax_tree (>= 6.1.1, < 7)
  tapioca (~> 0.16)

BUNDLED WITH
   2.6.2
