PATH
  remote: .
  specs:
    ruby-lsp (0.8.1)
      language_server-protocol (~> 3.17.0)
      sorbet-runtime
      syntax_tree (>= 6.1.1, < 7)
      yarp (~> 0.8.0)

GEM
  remote: https://rubygems.org/
  specs:
    ansi (1.5.0)
    ast (2.4.2)
    base64 (0.1.1)
    builder (3.2.4)
    debug (1.8.0)
      irb (>= 1.5.0)
      reline (>= 0.3.1)
    diff-lcs (1.5.0)
    erubi (1.12.0)
    io-console (0.6.0)
    irb (1.7.0)
      reline (>= 0.3.0)
    json (2.6.3)
    language_server-protocol (3.17.0.3)
    minitest (5.19.0)
    minitest-reporters (1.6.1)
      ansi
      builder
      minitest (>= 5.0)
      ruby-progressbar
    mocha (2.1.0)
      ruby2_keywords (>= 0.0.5)
    netrc (0.11.0)
    parallel (1.23.0)
    parser (3.2.2.3)
      ast (~> 2.4.1)
      racc
    prettier_print (1.2.1)
    psych (5.1.0)
      stringio
    racc (1.7.1)
    rainbow (3.1.1)
    rake (13.0.6)
    rbi (0.0.17)
      ast
      parser (>= 3.0.0)
      sorbet-runtime (>= 0.5.9204)
      unparser (>= 0.5.6)
    rdoc (6.5.0)
      psych (>= 4.0.0)
    regexp_parser (2.8.1)
    reline (0.3.5)
      io-console (~> 0.5)
    rexml (3.2.6)
    rubocop (1.56.0)
      base64 (~> 0.1.1)
      json (~> 2.3)
      language_server-protocol (>= 3.17.0)
      parallel (~> 1.10)
      parser (>= 3.2.2.3)
      rainbow (>= 2.2.2, < 4.0)
      regexp_parser (>= 1.8, < 3.0)
      rexml (>= 3.2.5, < 4.0)
      rubocop-ast (>= 1.28.1, < 2.0)
      ruby-progressbar (~> 1.7)
      unicode-display_width (>= 2.4.0, < 3.0)
    rubocop-ast (1.29.0)
      parser (>= 3.2.1.0)
    rubocop-minitest (0.31.0)
      rubocop (>= 1.39, < 2.0)
    rubocop-rake (0.6.0)
      rubocop (~> 1.0)
    rubocop-shopify (2.14.0)
      rubocop (~> 1.51)
    rubocop-sorbet (0.7.3)
      rubocop (>= 0.90.0)
    ruby-progressbar (1.13.0)
    ruby2_keywords (0.0.5)
    sorbet (0.5.10978)
      sorbet-static (= 0.5.10978)
    sorbet-runtime (0.5.10978)
    sorbet-static (0.5.10978-universal-darwin-14)
    sorbet-static (0.5.10978-universal-darwin-15)
    sorbet-static (0.5.10978-universal-darwin-16)
    sorbet-static (0.5.10978-universal-darwin-17)
    sorbet-static (0.5.10978-universal-darwin-18)
    sorbet-static (0.5.10978-universal-darwin-19)
    sorbet-static (0.5.10978-universal-darwin-20)
    sorbet-static (0.5.10978-universal-darwin-21)
    sorbet-static (0.5.10978-universal-darwin-22)
    sorbet-static (0.5.10978-x86_64-linux)
    sorbet-static-and-runtime (0.5.10978)
      sorbet (= 0.5.10978)
      sorbet-runtime (= 0.5.10978)
    spoom (1.2.2)
      erubi (>= 1.10.0)
      sorbet (>= 0.5.10187)
      sorbet-runtime (>= 0.5.9204)
      syntax_tree (>= 6.1.1)
      thor (>= 0.19.2)
    stringio (3.0.7)
    syntax_tree (6.1.1)
      prettier_print (>= 1.2.0)
    tapioca (0.11.8)
      bundler (>= 2.2.25)
      netrc (>= 0.11.0)
      parallel (>= 1.21.0)
      rbi (~> 0.0.0, >= 0.0.16)
      sorbet-static-and-runtime (>= 0.5.10187)
      spoom (~> 1.2.0, >= 1.2.0)
      thor (>= 1.2.0)
      yard-sorbet
    thor (1.2.2)
    unicode-display_width (2.4.2)
    unparser (0.6.8)
      diff-lcs (~> 1.3)
      parser (>= 3.2.0)
    yard (0.9.34)
    yard-sorbet (0.8.1)
      sorbet-runtime (>= 0.5)
      yard (>= 0.9)
    yarp (0.8.0)

PLATFORMS
  arm64-darwin
  x64-mingw-ucrt
  x64-mingw32
  x86_64-darwin
  x86_64-linux

DEPENDENCIES
  bundler (~> 2.4.2)
  debug (~> 1.8)
  minitest (~> 5.19)
  minitest-reporters (~> 1.6)
  mocha (~> 2.1)
  psych (~> 5.1)
  rake (~> 13.0)
  rdoc
  rubocop (~> 1.56)
  rubocop-minitest (~> 0.31.0)
  rubocop-rake (~> 0.6.0)
  rubocop-shopify (~> 2.14)
  rubocop-sorbet (~> 0.7)
  ruby-lsp!
  sorbet-static-and-runtime
  tapioca (~> 0.11)

BUNDLED WITH
   2.4.10
