PATH
  remote: .
  specs:
    ruby-lsp (0.3.0)
      language_server-protocol (~> 3.17.0)
      sorbet-runtime
      syntax_tree (>= 3.4)

GEM
  remote: https://rubygems.org/
  specs:
    ansi (1.5.0)
    ast (2.4.2)
    builder (3.2.4)
    coderay (1.1.3)
    debug (1.6.2)
      irb (>= 1.3.6)
      reline (>= 0.3.1)
    diff-lcs (1.5.0)
    io-console (0.5.11)
    irb (1.4.1)
      reline (>= 0.3.0)
    json (2.6.2)
    language_server-protocol (3.17.0.1)
    method_source (1.0.0)
    minitest (5.16.3)
    minitest-reporters (1.5.0)
      ansi
      builder
      minitest (>= 5.0)
      ruby-progressbar
    netrc (0.11.0)
    parallel (1.22.1)
    parser (3.1.2.1)
      ast (~> 2.4.1)
    prettier_print (0.1.0)
    pry (0.14.1)
      coderay (~> 1.1)
      method_source (~> 1.0)
    rainbow (3.1.1)
    rake (13.0.6)
    rbi (0.0.15)
      ast
      parser (>= 2.6.4.0)
      sorbet-runtime (>= 0.5.9204)
      unparser
    regexp_parser (2.5.0)
    reline (0.3.1)
      io-console (~> 0.5)
    rexml (3.2.5)
    rubocop (1.36.0)
      json (~> 2.3)
      parallel (~> 1.10)
      parser (>= 3.1.2.1)
      rainbow (>= 2.2.2, < 4.0)
      regexp_parser (>= 1.8, < 3.0)
      rexml (>= 3.2.5, < 4.0)
      rubocop-ast (>= 1.20.1, < 2.0)
      ruby-progressbar (~> 1.7)
      unicode-display_width (>= 1.4.0, < 3.0)
    rubocop-ast (1.21.0)
      parser (>= 3.1.1.0)
    rubocop-minitest (0.21.1)
      rubocop (>= 0.90, < 2.0)
    rubocop-rake (0.6.0)
      rubocop (~> 1.0)
    rubocop-shopify (2.9.0)
      rubocop (~> 1.33)
    rubocop-sorbet (0.6.11)
      rubocop (>= 0.90.0)
    ruby-progressbar (1.11.0)
    sorbet (0.5.10415)
      sorbet-static (= 0.5.10415)
    sorbet-runtime (0.5.10415)
    sorbet-static (0.5.10415-universal-darwin-21)
    sorbet-static (0.5.10415-x86_64-linux)
    sorbet-static-and-runtime (0.5.10415)
      sorbet (= 0.5.10415)
      sorbet-runtime (= 0.5.10415)
    spoom (1.1.12)
      sorbet (>= 0.5.9204)
      sorbet-runtime (>= 0.5.9204)
      thor (>= 0.19.2)
    syntax_tree (3.5.0)
      prettier_print
    tapioca (0.10.0)
      bundler (>= 1.17.3)
      netrc (>= 0.11.0)
      parallel (>= 1.21.0)
      pry (>= 0.12.2)
      rbi (~> 0.0.0, >= 0.0.14)
      sorbet-static-and-runtime (>= 0.5.9204)
      spoom (~> 1.1.0, >= 1.1.11)
      thor (>= 1.2.0)
      yard-sorbet
    thor (1.2.1)
    unicode-display_width (2.2.0)
    unparser (0.6.5)
      diff-lcs (~> 1.3)
      parser (>= 3.1.0)
    webrick (1.7.0)
    yard (0.9.28)
      webrick (~> 1.7.0)
    yard-sorbet (0.7.0)
      sorbet-runtime (>= 0.5)
      yard (>= 0.9)

PLATFORMS
  arm64-darwin-21
  x86_64-linux

DEPENDENCIES
  debug (~> 1.6)
  minitest (~> 5.16)
  minitest-reporters (~> 1.5)
  rake (~> 13.0)
  rubocop (>= 1.0.0)
  rubocop-minitest (~> 0.21.1)
  rubocop-rake (~> 0.6.0)
  rubocop-shopify (~> 2.9)
  rubocop-sorbet (~> 0.6)
  ruby-lsp!
  sorbet-static-and-runtime
  tapioca (~> 0.10)
  yard (~> 0.9)

BUNDLED WITH
   2.3.7
